PATH
  remote: .
  specs:
    ruby-lsp-rspec (0.1.26)
      ruby-lsp (~> 0.26.0)

GEM
  remote: https://rubygems.org/
  specs:
    ast (2.4.3)
    benchmark (0.4.1)
    date (3.4.1)
    debug (1.11.0)
      irb (~> 1.10)
      reline (>= 0.3.8)
    diff-lcs (1.6.2)
    erb (5.0.2)
    erubi (1.13.1)
    io-console (0.8.1)
    irb (1.15.2)
      pp (>= 0.6.0)
      rdoc (>= 4.0.0)
      reline (>= 0.4.2)
    json (2.13.0)
    language_server-protocol (3.17.0.5)
    lint_roller (1.1.0)
    logger (1.7.0)
    netrc (0.11.0)
    parallel (1.27.0)
    parser (3.3.8.0)
      ast (~> 2.4.1)
      racc
    pp (0.6.2)
      prettyprint
    prettyprint (0.2.0)
    prism (1.4.0)
    psych (5.2.6)
      date
      stringio
    racc (1.8.1)
    rainbow (3.1.1)
    rake (13.3.0)
    rbi (0.3.6)
      prism (~> 1.0)
      rbs (>= 3.4.4)
    rbs (4.0.0.dev.4)
      logger
      prism (>= 1.3.0)
    rdoc (6.14.2)
      erb
      psych (>= 4.0.0)
    regexp_parser (2.10.0)
    reline (0.6.1)
      io-console (~> 0.5)
    require-hooks (0.2.2)
    rexml (3.4.1)
    rspec (3.13.1)
      rspec-core (~> 3.13.0)
      rspec-expectations (~> 3.13.0)
      rspec-mocks (~> 3.13.0)
    rspec-core (3.13.5)
      rspec-support (~> 3.13.0)
    rspec-expectations (3.13.5)
      diff-lcs (>= 1.2.0, < 2.0)
      rspec-support (~> 3.13.0)
    rspec-mocks (3.13.5)
      diff-lcs (>= 1.2.0, < 2.0)
      rspec-support (~> 3.13.0)
    rspec-support (3.13.4)
    rubocop (1.78.0)
      json (~> 2.3)
      language_server-protocol (~> 3.17.0.2)
      lint_roller (~> 1.1.0)
      parallel (~> 1.10)
      parser (>= 3.3.0.2)
      rainbow (>= 2.2.2, < 4.0)
      regexp_parser (>= 2.9.3, < 3.0)
      rubocop-ast (>= 1.45.1, < 2.0)
      ruby-progressbar (~> 1.7)
      unicode-display_width (>= 2.4.0, < 4.0)
    rubocop-ast (1.46.0)
      parser (>= 3.3.7.2)
      prism (~> 1.4)
    rubocop-rake (0.6.0)
      rubocop (~> 1.0)
    rubocop-shopify (2.17.1)
      rubocop (~> 1.62)
    rubocop-sorbet (0.10.5)
      lint_roller
      rubocop (>= 1.75.2)
    ruby-lsp (0.26.1)
      language_server-protocol (~> 3.17.0)
      prism (>= 1.2, < 2.0)
      rbs (>= 3, < 5)
    ruby-progressbar (1.13.0)
    sorbet (0.5.12353)
      sorbet-static (= 0.5.12353)
    sorbet-runtime (0.5.12353)
    sorbet-static (0.5.12353-universal-darwin)
    sorbet-static (0.5.12353-x86_64-linux)
    sorbet-static-and-runtime (0.5.12353)
      sorbet (= 0.5.12353)
      sorbet-runtime (= 0.5.12353)
    spoom (1.7.5)
      erubi (>= 1.10.0)
      prism (>= 0.28.0)
      rbi (>= 0.3.3)
      rbs (>= 4.0.0.dev.4)
      rexml (>= 3.2.6)
      sorbet-static-and-runtime (>= 0.5.10187)
      thor (>= 0.19.2)
    stringio (3.1.7)
    tapioca (0.17.7)
      benchmark
      bundler (>= 2.2.25)
      netrc (>= 0.11.0)
      parallel (>= 1.21.0)
      rbi (>= 0.3.1)
      require-hooks (>= 0.2.2)
      sorbet-static-and-runtime (>= 0.5.11087)
      spoom (>= 1.7.0)
      thor (>= 1.2.0)
      yard-sorbet
    thor (1.4.0)
    unicode-display_width (3.1.4)
      unicode-emoji (~> 4.0, >= 4.0.4)
    unicode-emoji (4.0.4)
    yard (0.9.37)
    yard-sorbet (0.9.0)
      sorbet-runtime
      yard

PLATFORMS
  universal-darwin
  x86_64-linux

DEPENDENCIES
  debug
  irb
  rake (~> 13.0)
  rspec (~> 3.0)
  rubocop (~> 1.21)
  rubocop-rake (~> 0.6.0)
  rubocop-shopify (~> 2.14)
  rubocop-sorbet (~> 0.7)
  ruby-lsp-rspec!
  sorbet-static
  tapioca (~> 0.11)

BUNDLED WITH
   2.5.11
